GEM
  remote: https://rubygems.org/
  specs:
    motion-layout (0.0.1)
    rake (10.0.4)
    teacup (1.3.3)

PLATFORMS
  ruby

DEPENDENCIES
  motion-layout
  rake
  teacup (= 1.3.3)
